GEM
  remote: http://rubygems.org/
  specs:
    activesupport (3.2.11)
      i18n (~> 0.6)
      multi_json (~> 1.0)
    blockenspiel (0.4.5)
    builder (3.1.4)
    chunky_png (1.2.7)
    coffee-script (2.2.0)
      coffee-script-source
      execjs
    coffee-script-source (1.3.3)
    colorize (0.5.8)
    compass (0.12.2)
      chunky_png (~> 1.2)
      fssm (>= 0.2.7)
      sass (~> 3.1)
    daemons (1.1.9)
    diff-lcs (1.1.3)
    em-websocket (0.4.0)
      eventmachine (>= 0.12.9)
      http_parser.rb (~> 0.5.3)
    eventmachine (1.0.0)
    execjs (1.4.0)
      multi_json (~> 1.0)
    ffi (1.3.1)
    foreman (0.61.0)
      thor (>= 0.13.6)
    fssm (0.2.10)
    haml (3.1.7)
    hashie (1.2.0)
    hike (1.2.1)
    http_parser.rb (0.5.3)
    http_router (0.10.2)
      rack (>= 1.0.0)
      url_mount (~> 0.2.1)
    i18n (0.6.1)
    libv8 (3.11.8.13)
    listen (0.5.3)
    maruku (0.6.1)
      syntax (>= 1.0.0)
    middleman (3.0.11)
      middleman-core (= 3.0.11)
      middleman-more (= 3.0.11)
      middleman-sprockets (~> 3.0.6)
    middleman-blog (3.1.1)
      maruku (~> 0.6.0)
      middleman-core (~> 3.0.1)
      tzinfo (~> 0.3.0)
    middleman-core (3.0.11)
      activesupport (~> 3.2.6)
      bundler (~> 1.1)
      listen (~> 0.5.2)
      rack (~> 1.4.1)
      rack-test (~> 0.6.1)
      rb-fsevent (~> 0.9.1)
      rb-inotify (~> 0.8.8)
      thor (~> 0.15.4)
      tilt (~> 1.3.1)
    middleman-livereload (3.0.1)
      em-websocket (>= 0.2.0)
      middleman-core (~> 3.0.2)
      multi_json (~> 1.0)
      rack-livereload
    middleman-more (3.0.11)
      coffee-script (~> 2.2.0)
      coffee-script-source (~> 1.3.3)
      compass (>= 0.12.2)
      execjs (~> 1.4.0)
      haml (>= 3.1.6)
      i18n (~> 0.6.0)
      maruku (~> 0.6.0)
      middleman-core (= 3.0.11)
      padrino-helpers (= 0.10.7)
      sass (>= 3.1.20)
      uglifier (~> 1.2.6)
    middleman-sprockets (3.0.6)
      middleman-more (>= 3.0.1)
      sprockets (~> 2.1, < 2.5)
      sprockets-sass (~> 0.9.0)
    multi_json (1.5.0)
    net-scp (1.0.4)
      net-ssh (>= 1.99.1)
    net-ssh (2.6.3)
    net-ssh-simple (1.6.1)
      blockenspiel (~> 0.4.3)
      hashie (>= 1.1.0)
      net-scp (~> 1.0.4)
      net-ssh (~> 2.6.3)
    padrino-core (0.10.7)
      activesupport (~> 3.2.0)
      http_router (~> 0.10.2)
      sinatra (~> 1.3.1)
      thor (~> 0.15.2)
      tilt (~> 1.3.0)
    padrino-helpers (0.10.7)
      i18n (~> 0.6)
      padrino-core (= 0.10.7)
    rack (1.4.4)
    rack-legacy (0.3.5)
      rack
    rack-livereload (0.3.11)
      rack
    rack-protection (1.3.2)
      rack
    rack-rewrite (1.3.3)
    rack-test (0.6.2)
      rack (>= 1.0)
    rake (10.0.3)
    rb-fsevent (0.9.3)
    rb-inotify (0.8.8)
      ffi (>= 0.5.0)
    redcarpet (2.2.2)
    ref (1.0.2)
    rspec (2.12.0)
      rspec-core (~> 2.12.0)
      rspec-expectations (~> 2.12.0)
      rspec-mocks (~> 2.12.0)
    rspec-core (2.12.2)
    rspec-expectations (2.12.1)
      diff-lcs (~> 1.1.3)
    rspec-mocks (2.12.1)
    sass (3.2.5)
    sinatra (1.3.4)
      rack (~> 1.4)
      rack-protection (~> 1.3)
      tilt (~> 1.3, >= 1.3.3)
    sprockets (2.4.5)
      hike (~> 1.2)
      multi_json (~> 1.0)
      rack (~> 1.0)
      tilt (~> 1.1, != 1.3.0)
    sprockets-sass (0.9.1)
      sprockets (~> 2.0)
      tilt (~> 1.1)
    syntax (1.0.0)
    therubyracer (0.11.3)
      libv8 (~> 3.11.8.12)
      ref
    thin (1.5.0)
      daemons (>= 1.0.9)
      eventmachine (>= 0.12.6)
      rack (>= 1.0.0)
    thor (0.15.4)
    tilt (1.3.3)
    tzinfo (0.3.35)
    uglifier (1.2.7)
      execjs (>= 0.3.0)
      multi_json (~> 1.3)
    url_mount (0.2.1)
      rack

PLATFORMS
  ruby

DEPENDENCIES
  builder
  colorize
  foreman
  haml
  middleman
  middleman-blog
  middleman-livereload
  net-ssh-simple
  rack
  rack-legacy
  rack-rewrite
  rake
  redcarpet
  rspec
  sass
  therubyracer
  thin
