GIT
  remote: git@github.com:mailchimp/statistrano.git
  revision: 617e5f42979d7177e159a8f572892cfd09a69624
  tag: 0.9.0
  specs:
    statistrano (0.9.0)
      asgit (~> 0.0.4)
      colorize (~> 0.5)
      here_or_there (~> 0.1)
      rake (~> 10.0)
      slugity (~> 1.0)

GEM
  remote: http://rubygems.org/
  specs:
    activesupport (3.2.15)
      i18n (~> 0.6, >= 0.6.4)
      multi_json (~> 1.0)
    asgit (0.0.4)
    builder (3.2.2)
    chunky_png (1.2.9)
    coffee-script (2.2.0)
      coffee-script-source
      execjs
    coffee-script-source (1.6.3)
    colorize (0.6.0)
    compass (0.12.2)
      chunky_png (~> 1.2)
      fssm (>= 0.2.7)
      sass (~> 3.1)
    diff-lcs (1.2.4)
    execjs (1.4.0)
      multi_json (~> 1.0)
    ffi (1.9.3)
    fssm (0.2.10)
    haml (4.0.4)
      tilt
    here_or_there (0.1.1)
      net-ssh (~> 2.6)
    hike (1.2.3)
    i18n (0.6.5)
    kramdown (1.2.0)
    libv8 (3.16.14.3)
    listen (1.3.1)
      rb-fsevent (>= 0.9.3)
      rb-inotify (>= 0.9)
      rb-kqueue (>= 0.2)
    middleman (3.2.0)
      coffee-script (~> 2.2.0)
      compass (>= 0.12.2)
      execjs (~> 1.4.0)
      haml (>= 3.1.6)
      kramdown (~> 1.2)
      middleman-core (= 3.2.0)
      middleman-sprockets (>= 3.1.2)
      sass (>= 3.1.20)
      uglifier (~> 2.1.0)
    middleman-blog (3.4.1)
      middleman-core (~> 3.2)
      tzinfo (~> 0.3.0)
    middleman-core (3.2.0)
      activesupport (~> 3.2.6)
      bundler (~> 1.1)
      i18n (~> 0.6.1)
      listen (~> 1.1)
      rack (>= 1.4.5)
      rack-test (~> 0.6.1)
      thor (>= 0.15.2, < 2.0)
      tilt (~> 1.3.6)
    middleman-sprockets (3.2.0)
      middleman-core (~> 3.2)
      sprockets (~> 2.1)
      sprockets-helpers (~> 1.0.0)
      sprockets-sass (~> 1.0.0)
    middleman-syntax (1.2.1)
      middleman-core (~> 3.0)
      rouge (~> 0.3.0)
    mini_portile (0.5.2)
    multi_json (1.8.2)
    net-ssh (2.7.0)
    nokogiri (1.6.0)
      mini_portile (~> 0.5.0)
    rack (1.5.2)
    rack-test (0.6.2)
      rack (>= 1.0)
    rake (10.1.0)
    rb-fsevent (0.9.3)
    rb-inotify (0.9.2)
      ffi (>= 0.5.0)
    rb-kqueue (0.2.0)
      ffi (>= 0.5.0)
    redcarpet (3.0.0)
    ref (1.0.5)
    rouge (0.3.10)
      thor
    rspec (2.14.1)
      rspec-core (~> 2.14.0)
      rspec-expectations (~> 2.14.0)
      rspec-mocks (~> 2.14.0)
    rspec-core (2.14.7)
    rspec-expectations (2.14.3)
      diff-lcs (>= 1.1.3, < 2.0)
    rspec-mocks (2.14.4)
    sass (3.2.12)
    slugity (1.0.1)
    sprockets (2.10.0)
      hike (~> 1.2)
      multi_json (~> 1.0)
      rack (~> 1.0)
      tilt (~> 1.1, != 1.3.0)
    sprockets-helpers (1.0.1)
      sprockets (~> 2.0)
    sprockets-sass (1.0.2)
      sprockets (~> 2.0)
      tilt (~> 1.1)
    therubyracer (0.12.0)
      libv8 (~> 3.16.14.0)
      ref
    thor (0.18.1)
    tilt (1.3.7)
    tzinfo (0.3.38)
    uglifier (2.1.2)
      execjs (>= 0.3.0)
      multi_json (~> 1.0, >= 1.0.2)

PLATFORMS
  ruby

DEPENDENCIES
  builder (~> 3.2.2)
  colorize (~> 0.6.0)
  haml (~> 4.0.4)
  middleman (~> 3.2.0)
  middleman-blog (~> 3.4.1)
  middleman-syntax (~> 1.2.1)
  nokogiri (~> 1.6.0)
  rake (~> 10.1.0)
  redcarpet (~> 3.0.0)
  rspec (~> 2.14.1)
  sass (~> 3.2.12)
  statistrano!
  therubyracer (~> 0.12.0)
