GIT
  remote: git://github.com/middleman/middleman-sprockets.git
  revision: e7e86104f8328a4810672b9ac8132574b4aca019
  specs:
    middleman-sprockets (3.0.4)
      middleman-more (~> 3.0.1)
      sprockets (~> 2.1, < 2.5)
      sprockets-sass (~> 0.8.0)

GIT
  remote: git://github.com/middleman/middleman.git
  revision: 52819cd239d362e446221eeff7d4ce77104f2140
  specs:
    middleman (3.0.5)
      middleman-core (= 3.0.5)
      middleman-more (= 3.0.5)
      middleman-sprockets (~> 3.0.2)
    middleman-core (3.0.5)
      activesupport (~> 3.2.6)
      bundler (~> 1.1)
      listen (~> 0.5.2)
      rack (~> 1.4.1)
      rack-test (~> 0.6.1)
      rb-fsevent (~> 0.9.1)
      rb-inotify (~> 0.8.8)
      thor (~> 0.15.4)
      tilt (~> 1.3.1)
    middleman-more (3.0.5)
      coffee-script (~> 2.2.0)
      coffee-script-source (~> 1.3.3)
      compass (>= 0.12.2)
      execjs (~> 1.4.0)
      haml (>= 3.1.6)
      i18n (~> 0.6.0)
      maruku (~> 0.6.0)
      middleman-core (= 3.0.5)
      padrino-helpers (= 0.10.7)
      sass (>= 3.1.20)
      uglifier (~> 1.2.6)

GEM
  remote: http://rubygems.org/
  specs:
    activesupport (3.2.8)
      i18n (~> 0.6)
      multi_json (~> 1.0)
    addressable (2.3.2)
    blockenspiel (0.4.5)
    chunky_png (1.2.6)
    coffee-script (2.2.0)
      coffee-script-source
      execjs
    coffee-script-source (1.3.3)
    colorize (0.5.8)
    compass (0.12.2)
      chunky_png (~> 1.2)
      fssm (>= 0.2.7)
      sass (~> 3.1)
    em-websocket (0.3.8)
      addressable (>= 2.1.1)
      eventmachine (>= 0.12.9)
    eventmachine (1.0.0)
    execjs (1.4.0)
      multi_json (~> 1.0)
    ffi (1.1.5)
    fssm (0.2.9)
    haml (3.1.7)
    hashie (1.2.0)
    hike (1.2.1)
    http_router (0.10.2)
      rack (>= 1.0.0)
      url_mount (~> 0.2.1)
    i18n (0.6.1)
    libv8 (3.3.10.4)
    listen (0.5.2)
    maruku (0.6.1)
      syntax (>= 1.0.0)
    middleman-livereload (3.0.0)
      em-websocket (>= 0.2.0)
      middleman-core (~> 3.0.0)
      multi_json (~> 1.0)
      rack-livereload
    multi_json (1.3.6)
    net-scp (1.0.4)
      net-ssh (>= 1.99.1)
    net-ssh (2.2.2)
    net-ssh-simple (1.5.4)
      blockenspiel (~> 0.4.3)
      hashie (>= 1.1.0)
      net-scp (~> 1.0.4)
      net-ssh (~> 2.2.1)
    oj (1.3.5)
    padrino-core (0.10.7)
      activesupport (~> 3.2.0)
      http_router (~> 0.10.2)
      sinatra (~> 1.3.1)
      thor (~> 0.15.2)
      tilt (~> 1.3.0)
    padrino-helpers (0.10.7)
      i18n (~> 0.6)
      padrino-core (= 0.10.7)
    rack (1.4.1)
    rack-livereload (0.3.8)
      rack
    rack-protection (1.2.0)
      rack
    rack-test (0.6.2)
      rack (>= 1.0)
    rake (0.9.2.2)
    rb-fsevent (0.9.2)
    rb-inotify (0.8.8)
      ffi (>= 0.5.0)
    redcarpet (2.1.1)
    sass (3.2.1)
    sinatra (1.3.3)
      rack (~> 1.3, >= 1.3.6)
      rack-protection (~> 1.2)
      tilt (~> 1.3, >= 1.3.3)
    sprockets (2.4.5)
      hike (~> 1.2)
      multi_json (~> 1.0)
      rack (~> 1.0)
      tilt (~> 1.1, != 1.3.0)
    sprockets-sass (0.8.0)
      sprockets (~> 2.0)
      tilt (~> 1.1)
    syntax (1.0.0)
    therubyracer (0.10.2)
      libv8 (~> 3.3.10)
    thor (0.15.4)
    tilt (1.3.3)
    uglifier (1.2.7)
      execjs (>= 0.3.0)
      multi_json (~> 1.3)
    url_mount (0.2.1)
      rack

PLATFORMS
  ruby

DEPENDENCIES
  colorize
  middleman!
  middleman-core!
  middleman-livereload
  middleman-more!
  middleman-sprockets!
  net-ssh-simple
  oj
  rake
  redcarpet
  therubyracer
